GEM
  remote: https://rubygems.org/
  specs:
    logtail (0.1.12)
      msgpack (~> 1.0)
    msgpack (1.7.2)

PLATFORMS
  ruby

DEPENDENCIES
  logtail

BUNDLED WITH
   2.1.4
